GEM
  remote: https://rubygems.org/
  specs:
    addressable (2.5.2)
      public_suffix (>= 2.0.2, < 4.0)
    crack (0.4.3)
      safe_yaml (~> 1.0.0)
    hashdiff (0.3.7)
    m (1.5.1)
      method_source (>= 0.6.7)
      rake (>= 0.9.2.2)
    method_source (0.9.0)
    minitest (5.10.3)
    public_suffix (3.0.2)
    rake (12.1.0)
    safe_yaml (1.0.4)
    vcr (4.0.0)
    webmock (3.3.0)
      addressable (>= 2.3.6)
      crack (>= 0.3.2)
      hashdiff

PLATFORMS
  ruby

DEPENDENCIES
  bundler
  m (~> 1.5.1)
  minitest
  vcr (~> 4.0.0)
  webmock (~> 3.3.0)

RUBY VERSION
   ruby 2.4.2p198

BUNDLED WITH
   1.15.2
